PATH
  remote: .
  specs:
    scad_bundler (0.1.2)
      bundler (~> 1.16)

GEM
  remote: https://rubygems.org/
  specs:

PLATFORMS
  ruby

DEPENDENCIES
  bundler (~> 1.16)
  scad_bundler!

BUNDLED WITH
   1.16.1
