PATH
  remote: .
  specs:
    scad_bundler (0.1.3)

GEM
  remote: https://rubygems.org/
  specs:

PLATFORMS
  ruby

DEPENDENCIES
  bundler (~> 2.0)
  scad_bundler!

BUNDLED WITH
   2.5.7
